GIT
  remote: https://github.com/tuxmea/onceover-octocatalog-diff.git
  revision: b9a81149d0ed7525a4df941aa9fe7c821da6d643
  ref: newer_puppet
  specs:
    onceover-octocatalog-diff (0.1.9)
      octocatalog-diff (~> 2.1)
      onceover (>= 3.20.0)

GEM
  remote: https://rubygems.org/
  specs:
    CFPropertyList (2.3.6)
    addressable (2.8.0)
      public_suffix (>= 2.0.2, < 5.0)
    ast (2.4.2)
    backticks (1.0.3)
    blockenspiel (0.5.0)
    colored (1.2)
    colored2 (3.1.2)
    concurrent-ruby (1.1.10)
    cri (2.15.11)
    deep_merge (1.2.2)
    diff-lcs (1.5.0)
    diffy (3.4.0)
    facter (4.2.9)
      hocon (~> 1.3)
      thor (>= 1.0.1, < 2.0)
    facterdb (1.16.1)
      facter (< 5.0.0)
      jgrep
    faraday (1.10.0)
      faraday-em_http (~> 1.0)
      faraday-em_synchrony (~> 1.0)
      faraday-excon (~> 1.1)
      faraday-httpclient (~> 1.0)
      faraday-multipart (~> 1.0)
      faraday-net_http (~> 1.0)
      faraday-net_http_persistent (~> 1.0)
      faraday-patron (~> 1.0)
      faraday-rack (~> 1.0)
      faraday-retry (~> 1.0)
      ruby2_keywords (>= 0.0.4)
    faraday-em_http (1.0.0)
    faraday-em_synchrony (1.0.0)
    faraday-excon (1.1.0)
    faraday-httpclient (1.0.1)
    faraday-multipart (1.0.3)
      multipart-post (>= 1.2, < 3)
    faraday-net_http (1.0.1)
    faraday-net_http_persistent (1.2.0)
    faraday-patron (1.0.0)
    faraday-rack (1.0.0)
    faraday-retry (1.0.3)
    faraday_middleware (1.2.0)
      faraday (~> 1.0)
    fast_gettext (1.1.2)
    forwardable (1.3.2)
    gettext (3.4.2)
      locale (>= 2.0.5)
      prime
      text (>= 1.3.0)
    gettext-setup (0.31)
      fast_gettext (~> 1.1.0)
      gettext (>= 3.0.2)
      locale
    git (1.11.0)
      rchardet (~> 1.8)
    hashdiff (1.0.1)
    hiera (3.9.0)
    hocon (1.3.1)
    httparty (0.20.0)
      mime-types (~> 3.0)
      multi_xml (>= 0.5.2)
    jgrep (1.5.4)
    json-schema (3.0.0)
      addressable (>= 2.8)
    jwt (2.2.3)
    little-plugger (1.1.4)
    locale (2.1.3)
    log4r (1.1.10)
    logging (2.3.0)
      little-plugger (~> 1.1)
      multi_json (~> 1.14)
    metadata-json-lint (3.0.2)
      json-schema (>= 2.8, < 4.0)
      spdx-licenses (~> 1.0)
    mime-types (3.4.1)
      mime-types-data (~> 3.2015)
    mime-types-data (3.2022.0105)
    minitar (0.9)
    mocha (1.14.0)
    multi_json (1.15.0)
    multi_xml (0.6.0)
    multipart-post (2.1.1)
    octocatalog-diff (2.1.0)
      diffy (>= 3.1.0)
      hashdiff (>= 0.3.0)
      httparty (>= 0.11.0)
      parallel (>= 1.12.0)
      rugged (>= 0.25.0b2)
    onceover (3.20.0)
      backticks (>= 1.0.2)
      colored (~> 1.2)
      cri (>= 2.6)
      deep_merge (>= 1.0.0)
      git
      logging (>= 2.0.0)
      multi_json (~> 1.10)
      parallel_tests (>= 2.0.0)
      puppet (>= 4.0)
      puppetlabs_spec_helper (>= 0.4.0)
      r10k (>= 2.1.0)
      rake (>= 10.0.0)
      rspec (>= 3.0.0)
      rspec-puppet (>= 2.4.0)
      rspec_junit_formatter (>= 0.2.0)
      terminal-table (>= 1.8.0)
      versionomy (>= 0.5.0)
    onceover-codequality (0.8.0)
      onceover (~> 3)
      puppet-lint (~> 2)
      puppet-strings (~> 2)
      puppet-syntax (~> 3)
    onceover-lookup (0.1.1)
      onceover (~> 3)
    parallel (1.22.1)
    parallel_tests (3.8.1)
      parallel
    parser (3.1.2.0)
      ast (~> 2.4.1)
    pathspec (0.2.1)
    prime (0.1.2)
      forwardable
      singleton
    public_suffix (4.0.7)
    puppet (7.16.0-universal-darwin)
      CFPropertyList (~> 2.2)
      concurrent-ruby (~> 1.0)
      deep_merge (~> 1.0)
      facter (> 2.0.1, < 5)
      fast_gettext (>= 1.1, < 3)
      hiera (>= 3.2.1, < 4)
      locale (~> 2.1)
      multi_json (~> 1.10)
      puppet-resource_api (~> 1.5)
      scanf (~> 1.0)
      semantic_puppet (~> 1.0)
    puppet-lint (2.5.2)
    puppet-lint-absolute_classname-check (3.0.1)
      puppet-lint (>= 1.0, < 3.0)
    puppet-lint-anchor-check (1.0.1)
      puppet-lint (>= 1.1, < 3.0)
    puppet-lint-classes_and_types_beginning_with_digits-check (1.0.0)
      puppet-lint (>= 1.0, < 3.0)
    puppet-lint-file_ensure-check (1.0.0)
      puppet-lint (>= 1.0, < 3.0)
    puppet-lint-leading_zero-check (1.0.0)
      puppet-lint (>= 1.0, < 3.0)
    puppet-lint-legacy_facts-check (1.0.4)
      puppet-lint (~> 2.4)
    puppet-lint-lookup_in_parameter-check (1.0.0)
      puppet-lint (~> 2.0)
    puppet-lint-manifest_whitespace-check (0.1.17)
      puppet-lint (>= 1.0, < 3.0)
    puppet-lint-optional_default-check (1.0.0)
      puppet-lint (>= 2.1, < 3.0)
    puppet-lint-param-docs (1.7.5)
      puppet-lint (>= 1.1, < 3.0)
    puppet-lint-param-types (0.0.1)
      puppet-lint (>= 1.1, < 3.0)
    puppet-lint-params_empty_string-check (1.0.0)
      puppet-lint (~> 2.5)
    puppet-lint-resource_reference_syntax (1.1.0)
      puppet-lint (>= 1.0, < 3.0)
    puppet-lint-security-plugins (0.2.0)
      puppet-lint (~> 2.0)
    puppet-lint-strict_indent-check (2.0.8)
      puppet-lint (> 1.0)
    puppet-lint-top_scope_facts-check (1.0.1)
      puppet-lint (~> 2.0)
    puppet-lint-topscope-variable-check (1.0.1)
      puppet-lint (~> 2.0)
    puppet-lint-trailing_comma-check (0.4.2)
      puppet-lint (>= 1.0, < 3.0)
    puppet-lint-unquoted_string-check (2.1.0)
      puppet-lint (>= 2.1, < 3.0)
    puppet-lint-variable_contains_upcase (1.2.0)
      puppet-lint (>= 1.0, < 3.0)
    puppet-lint-version_comparison-check (1.0.0)
      puppet-lint (>= 1.0, < 3.0)
    puppet-resource_api (1.8.14)
      hocon (>= 1.0)
    puppet-strings (2.9.0)
      rgen
      yard (~> 0.9.5)
    puppet-syntax (3.1.0)
      puppet (>= 5)
      rake
    puppet_forge (3.2.0)
      faraday (~> 1.3)
      faraday_middleware (~> 1.0)
      minitar
      semantic_puppet (~> 1.0)
    puppetlabs_spec_helper (4.0.1)
      mocha (~> 1.0)
      pathspec (>= 0.2.1, < 1.1.0)
      puppet-lint (~> 2.0)
      puppet-syntax (>= 2.0, < 4)
      rspec-puppet (~> 2.0)
    r10k (3.15.0)
      colored2 (= 3.1.2)
      cri (>= 2.15.10)
      fast_gettext (>= 1.1.0, < 3.0.0)
      gettext (>= 3.0.2, < 4.0.0)
      gettext-setup (~> 0.24)
      jwt (~> 2.2.3)
      log4r (= 1.1.10)
      minitar (~> 0.9)
      multi_json (~> 1.10)
      puppet_forge (>= 2.3.0)
    rainbow (3.1.1)
    rake (13.0.6)
    rchardet (1.8.0)
    regexp_parser (2.4.0)
    rexml (3.2.5)
    rgen (0.9.0)
    rspec (3.11.0)
      rspec-core (~> 3.11.0)
      rspec-expectations (~> 3.11.0)
      rspec-mocks (~> 3.11.0)
    rspec-core (3.11.0)
      rspec-support (~> 3.11.0)
    rspec-expectations (3.11.0)
      diff-lcs (>= 1.2.0, < 2.0)
      rspec-support (~> 3.11.0)
    rspec-mocks (3.11.1)
      diff-lcs (>= 1.2.0, < 2.0)
      rspec-support (~> 3.11.0)
    rspec-puppet (2.11.1)
      rspec
    rspec-puppet-facts (2.0.5)
      facter
      facterdb (>= 0.5.0)
      puppet
    rspec-puppet-utils (3.4.0)
      mocha
      puppet
      puppetlabs_spec_helper
      rspec
      rspec-puppet
    rspec-support (3.11.0)
    rspec_junit_formatter (0.5.1)
      rspec-core (>= 2, < 4, != 2.12.0)
    rubocop (1.22.3)
      parallel (~> 1.10)
      parser (>= 3.0.0.0)
      rainbow (>= 2.2.2, < 4.0)
      regexp_parser (>= 1.8, < 3.0)
      rexml
      rubocop-ast (>= 1.12.0, < 2.0)
      ruby-progressbar (~> 1.7)
      unicode-display_width (>= 1.4.0, < 3.0)
    rubocop-ast (1.17.0)
      parser (>= 3.1.1.0)
    rubocop-rake (0.6.0)
      rubocop (~> 1.0)
    rubocop-rspec (2.10.0)
      rubocop (~> 1.19)
    ruby-progressbar (1.11.0)
    ruby2_keywords (0.0.5)
    rugged (1.4.3)
    scanf (1.0.0)
    semantic_puppet (1.0.4)
    singleton (0.1.1)
    spdx-licenses (1.3.0)
    terminal-table (3.0.2)
      unicode-display_width (>= 1.1.1, < 3)
    text (1.3.1)
    thor (1.2.1)
    unicode-display_width (2.1.0)
    versionomy (0.5.0)
      blockenspiel (~> 0.5)
    voxpupuli-puppet-lint-plugins (3.0.0)
      puppet-lint (>= 2.5.0)
      puppet-lint-absolute_classname-check (>= 2.0.0)
      puppet-lint-anchor-check
      puppet-lint-classes_and_types_beginning_with_digits-check
      puppet-lint-file_ensure-check
      puppet-lint-leading_zero-check
      puppet-lint-legacy_facts-check
      puppet-lint-lookup_in_parameter-check
      puppet-lint-manifest_whitespace-check
      puppet-lint-optional_default-check
      puppet-lint-param-docs
      puppet-lint-param-types
      puppet-lint-params_empty_string-check
      puppet-lint-resource_reference_syntax
      puppet-lint-strict_indent-check
      puppet-lint-top_scope_facts-check
      puppet-lint-topscope-variable-check
      puppet-lint-trailing_comma-check
      puppet-lint-unquoted_string-check
      puppet-lint-variable_contains_upcase
      puppet-lint-version_comparison-check
    voxpupuli-test (5.3.1)
      facterdb (>= 1.4.0)
      metadata-json-lint (>= 3.0.1)
      parallel_tests
      puppetlabs_spec_helper (>= 4.0.0)
      rake
      rspec-puppet (>= 2.11.0)
      rspec-puppet-facts (>= 2.0.1, < 3)
      rspec-puppet-utils (>= 1.9.5)
      rubocop (~> 1.22.3)
      rubocop-rake (~> 0.6.0)
      rubocop-rspec (~> 2.5)
      voxpupuli-puppet-lint-plugins (~> 3.0)
    webrick (1.7.0)
    yard (0.9.27)
      webrick (~> 1.7.0)

PLATFORMS
  x86_64-darwin-21

DEPENDENCIES
  onceover
  onceover-codequality
  onceover-lookup
  onceover-octocatalog-diff!
  puppet-lint-security-plugins
  voxpupuli-test

BUNDLED WITH
   2.2.6
